GEM
  remote: http://rubygems.org/
  specs:
    addressable (2.3.2)
    chunky_png (1.2.6)
    compass (0.12.2)
      chunky_png (~> 1.2)
      fssm (>= 0.2.7)
      sass (~> 3.1)
    em-websocket (0.3.8)
      addressable (>= 2.1.1)
      eventmachine (>= 0.12.9)
    eventmachine (1.0.0)
    foreman (0.60.2)
      thor (>= 0.13.6)
    fssm (0.2.9)
    guard (1.4.0)
      listen (>= 0.4.2)
      thor (>= 0.14.6)
    guard-livereload (1.0.3)
      em-websocket (>= 0.2.0)
      guard (>= 1.1.0)
      multi_json (~> 1.0)
    json_pure (1.7.5)
    listen (0.6.0)
    multi_json (1.3.7)
    rake (10.0.2)
    rb-fsevent (0.9.2)
    sass (3.2.3)
    thor (0.16.0)

PLATFORMS
  ruby

DEPENDENCIES
  compass (~> 0.12.2)
  foreman (~> 0.60.2)
  guard (~> 1.4.0)
  guard-livereload (~> 1.0.1)
  json_pure (~> 1.7.5)
  rake (~> 10.0.2)
  rb-fsevent (~> 0.9.1)
  sass (~> 3.2.3)
